GEM
  remote: https://rubygems.org/
  specs:
    json (1.8.1)
    kramdown (1.2.0)
    mail (2.6.1)
      mime-types (>= 1.16, < 3)
    mime-types (2.3)
    nokogiri (1.5.10)
    rake (10.1.0)
    rr (1.1.2)
    rubyzip (1.1.6)
    sanitize (2.0.3)
      nokogiri (>= 1.4.4, < 1.6)
      nokogiri (>= 1.4.4, < 1.6)

PLATFORMS
  ruby

DEPENDENCIES
  bundler
  json
  kramdown
  mail
  nokogiri (~> 1.5.10)
  rake
  rr
  rubyzip
  sanitize (= 2.0.3)
