GEM
  remote: https://rubygems.org/
  specs:
    json (1.8.2)
    kramdown (1.5.0)
    kwalify (0.7.2)
    mail (2.6.3)
      mime-types (>= 1.16, < 3)
    mime-types (2.4.3)
    nokogiri (1.5.11)
    power_assert (0.2.2)
    rake (10.4.2)
    rr (1.1.2)
    rubyzip (1.1.6)
    sanitize (2.0.3)
      nokogiri (>= 1.4.4, < 1.6)
    test-unit (3.0.9)
      power_assert

PLATFORMS
  ruby

DEPENDENCIES
  bundler
  json
  kramdown
  kwalify
  mail
  nokogiri (~> 1.5.10)
  rake
  rr
  rubyzip
  sanitize (= 2.0.3)
  test-unit
